GEM
  remote: https://rubygems.org/
  specs:
    redcarpet (3.6.1)

PLATFORMS
  ruby
  x86_64-linux

DEPENDENCIES
  redcarpet (~> 3.6)

BUNDLED WITH
   2.6.5
